PATH
  remote: .
  specs:
    icosmith-rails (0.3.0)
      rest-client (~> 1.6.7)
      rubyzip
      thor (~> 0.18.1)

GEM
  remote: http://rubygems.org/
  specs:
    byebug (2.0.0)
      columnize (~> 0.3.6)
      debugger-linecache (~> 1.2.0)
    columnize (0.3.6)
    debugger-linecache (1.2.0)
    diff-lcs (1.2.4)
    fakefs (0.5.1)
    mime-types (2.1)
    rest-client (1.6.7)
      mime-types (>= 1.16)
    rspec (2.13.0)
      rspec-core (~> 2.13.0)
      rspec-expectations (~> 2.13.0)
      rspec-mocks (~> 2.13.0)
    rspec-core (2.13.1)
    rspec-expectations (2.13.0)
      diff-lcs (>= 1.1.3, < 2.0)
    rspec-mocks (2.13.1)
    rubyzip (1.1.0)
    thor (0.18.1)

PLATFORMS
  ruby

DEPENDENCIES
  byebug
  fakefs
  icosmith-rails!
  rspec
